GIT
  remote: https://github.com/infews/rocco.git
  revision: d2b9e8e434261d35e9874b42d935d6f6716d5064
  specs:
    rocco (0.8.2)
      mustache
      redcarpet (~> 1.17)

GEM
  remote: https://rubygems.org/
  specs:
    mustache (0.99.4)
    redcarpet (1.17.2)
    tilt (1.3.6)

PLATFORMS
  ruby

DEPENDENCIES
  rocco!
  tilt
